GEM
  remote: https://rubygems.org/
  specs:
    ProMotion (1.0.4)
    activesupport (3.2.15)
      i18n (~> 0.6, >= 0.6.4)
      multi_json (~> 1.0)
    afmotion (2.0.0)
      motion-cocoapods (~> 1.4.0)
      motion-require (~> 0.0.7)
    awesome_print_motion (0.1.0)
    bubble-wrap (1.4.0)
    claide (0.4.0)
    cocoapods (0.28.0)
      activesupport (>= 3.2.15, < 4)
      claide (~> 0.4.0)
      cocoapods-core (= 0.28.0)
      cocoapods-downloader (~> 0.2.0)
      colored (~> 1.2)
      escape (~> 0.0.4)
      json_pure (~> 1.8)
      open4 (~> 1.3)
      xcodeproj (~> 0.14.1)
    cocoapods-core (0.28.0)
      activesupport (>= 3.2.15, < 4)
      fuzzy_match (~> 2.0.4)
      json (~> 1.8)
      nap (~> 0.5)
    cocoapods-downloader (0.2.0)
    colored (1.2)
    escape (0.0.4)
    fuzzy_match (2.0.4)
    i18n (0.6.5)
    json (1.8.1)
    json_pure (1.8.1)
    motion-cocoapods (1.4.0)
      cocoapods (>= 0.26.2)
    motion-require (0.0.7)
    motion-testflight (1.5)
    multi_json (1.8.2)
    nap (0.5.1)
    open4 (1.3.0)
    rake (10.1.0)
    sugarcube (1.3.5)
    teacup (2.1.13)
    xcodeproj (0.14.1)
      activesupport (~> 3.0)
      colored (~> 1.2)
      rake

PLATFORMS
  ruby

DEPENDENCIES
  ProMotion
  afmotion
  awesome_print_motion
  bubble-wrap
  motion-cocoapods
  motion-testflight
  rake
  sugarcube
  teacup
